PATH
  remote: .
  specs:
    lazyz3 (0.1.0)

GEM
  remote: https://rubygems.org/
  specs:

PLATFORMS
  x86_64-darwin-19

DEPENDENCIES
  lazyz3!

BUNDLED WITH
   2.2.28
