PATH
  remote: .
  specs:
    lazyz3 (0.1.0)
      ast (~> 2.4)
      minitest (~> 5.0)
      pycall (~> 1.4)
      rake (~> 13.0)
      warning (~> 1.2)

GEM
  remote: https://rubygems.org/
  specs:
    ast (2.4.2)
    minitest (5.15.0)
    pycall (1.4.1)
    rake (13.0.6)
    warning (1.2.1)

PLATFORMS
  x86_64-darwin-19

DEPENDENCIES
  lazyz3!

BUNDLED WITH
   2.2.28
